GEM
  remote: https://rubygems.org/
  specs:
    actionmailer (4.1.15)
      actionpack (= 4.1.15)
      actionview (= 4.1.15)
      mail (~> 2.5, >= 2.5.4)
    actionpack (4.1.15)
      actionview (= 4.1.15)
      activesupport (= 4.1.15)
      rack (~> 1.5.2)
      rack-test (~> 0.6.2)
    actionview (4.1.15)
      activesupport (= 4.1.15)
      builder (~> 3.1)
      erubis (~> 2.7.0)
    activesupport (4.1.15)
      i18n (~> 0.6, >= 0.6.9)
      json (~> 1.7, >= 1.7.7)
      minitest (~> 5.1)
      thread_safe (~> 0.1)
      tzinfo (~> 1.1)
    bcrypt (3.1.10)
    bson (1.9.2)
    bson_ext (1.9.2)
      bson (~> 1.9.2)
    builder (3.2.2)
    capybara (2.4.4)
      mime-types (>= 1.16)
      nokogiri (>= 1.3.3)
      rack (>= 1.0.0)
      rack-test (>= 0.5.4)
      xpath (~> 2.0)
    childprocess (0.5.6)
      ffi (~> 1.0, >= 1.0.11)
    chromedriver2-helper (0.0.8)
      nokogiri
    cliver (0.3.2)
    coderay (1.1.0)
    concurrent-ruby (0.8.0)
      ref (~> 1.0, >= 1.0.5)
    concurrent-ruby-ext (0.8.0)
      concurrent-ruby (~> 0.8.0)
    configurations (2.0.0)
    csso-rails (0.3.4)
      execjs (>= 1)
    daemons (1.2.3)
    diff-lcs (1.2.5)
    erubis (2.7.0)
    eventmachine (1.0.7)
    execjs (2.7.0)
    faye-websocket (0.9.2)
      eventmachine (>= 0.12.0)
      websocket-driver (>= 0.5.1)
    ffi (1.9.10)
    hike (1.2.3)
    i18n (0.7.0)
    json (1.8.3)
    listen (3.0.2)
      rb-fsevent (>= 0.9.3)
      rb-inotify (>= 0.9)
    mail (2.6.4)
      mime-types (>= 1.16, < 4)
    method_source (0.8.2)
    mime-types (3.1)
      mime-types-data (~> 3.2015)
    mime-types-data (3.2016.0521)
    mini_portile2 (2.1.0)
    minitest (5.9.0)
    mongo (1.9.2)
      bson (~> 1.9.2)
    multi_json (1.11.2)
    nokogiri (1.6.8)
      mini_portile2 (~> 2.1.0)
      pkg-config (~> 1.1.7)
    opal (0.7.2)
      hike (~> 1.2)
      sourcemap (~> 0.1.0)
      sprockets (>= 2.2.3, < 3.0.0)
      tilt (~> 1.4)
    opal-rspec (0.4.3)
      opal (>= 0.7.0, < 0.9)
    pkg-config (1.1.7)
    poltergeist (1.5.1)
      capybara (~> 2.1)
      cliver (~> 0.3.1)
      multi_json (~> 1.0)
      websocket-driver (>= 0.2.0)
    pony (1.11)
      mail (>= 2.0)
    pry (0.10.1)
      coderay (~> 1.1.0)
      method_source (~> 0.8.1)
      slop (~> 3.4)
    rack (1.5.5)
    rack-test (0.6.3)
      rack (>= 1.0)
    rb-fsevent (0.9.5)
    rb-inotify (0.9.5)
      ffi (>= 0.5.0)
    rbnacl (3.2.0)
      ffi
    rbnacl-libsodium (1.0.3)
      rbnacl (~> 3.0, >= 3.0.1)
    ref (1.0.5)
    rspec (3.2.0)
      rspec-core (~> 3.2.0)
      rspec-expectations (~> 3.2.0)
      rspec-mocks (~> 3.2.0)
    rspec-core (3.2.3)
      rspec-support (~> 3.2.0)
    rspec-expectations (3.2.1)
      diff-lcs (>= 1.2.0, < 2.0)
      rspec-support (~> 3.2.0)
    rspec-mocks (3.2.1)
      diff-lcs (>= 1.2.0, < 2.0)
      rspec-support (~> 3.2.0)
    rspec-support (3.2.2)
    rubyzip (1.1.7)
    rufus-scheduler (3.1.3)
    sass (3.2.19)
    selenium-webdriver (2.43.0)
      childprocess (~> 0.5)
      multi_json (~> 1.0)
      rubyzip (~> 1.0)
      websocket (~> 1.0)
    slop (3.6.0)
    sms-easy (1.3.0)
      actionmailer (>= 4.1.6)
    sourcemap (0.1.1)
    sprockets (2.12.4)
      hike (~> 1.2)
      multi_json (~> 1.0)
      rack (~> 1.0)
      tilt (~> 1.1, != 1.3.0)
    sprockets-sass (1.0.3)
      sprockets (~> 2.0)
      tilt (~> 1.1)
    thin (1.6.3)
      daemons (~> 1.0, >= 1.0.9)
      eventmachine (~> 1.0)
      rack (~> 1.0)
    thor (0.19.1)
    thread_safe (0.3.5)
    tilt (1.4.1)
    tzinfo (1.2.2)
      thread_safe (~> 0.1)
    uglifier (3.0.0)
      execjs (>= 0.3.0, < 3)
    volt (0.9.4)
      bcrypt (~> 3.1.9)
      bundler (>= 1.5)
      concurrent-ruby (= 0.8.0)
      configurations (~> 2.0.0.pre)
      faye-websocket (~> 0.9.2)
      listen (~> 3.0.1)
      opal (~> 0.7.2)
      pry (~> 0.10.1)
      rack (~> 1.5.0)
      sass (~> 3.2.5)
      sprockets-sass (~> 1.0.0)
      thor (~> 0.19.0)
    volt-bootstrap (0.0.10)
    volt-bootstrap_jumbotron_theme (0.1.0)
    volt-fields (0.1.3)
    volt-mailer (0.1.0)
      pony (~> 1.11)
    volt-mongo (0.1.1)
      mongo (~> 1.9.0)
    volt-user_templates (0.4.0)
      volt-fields (~> 0.1.0)
      volt-mailer (~> 0.1.0)
    websocket (1.2.2)
    websocket-driver (0.5.4)
      websocket-extensions (>= 0.1.0)
    websocket-extensions (0.1.2)
    xpath (2.0.0)
      nokogiri (~> 1.3)

PLATFORMS
  ruby

DEPENDENCIES
  actionmailer
  actionpack (~> 4.1.14)
  bson_ext (~> 1.9.0)
  capybara (~> 2.4.2)
  chromedriver2-helper (~> 0.0.8)
  concurrent-ruby-ext (~> 0.8.0)
  csso-rails (~> 0.3.4)
  faye-websocket (= 0.9.2)
  nokogiri (>= 1.6.8)
  opal-rspec (~> 0.4.2)
  poltergeist (~> 1.5.0)
  rbnacl
  rbnacl-libsodium
  rspec (~> 3.2.0)
  rufus-scheduler
  selenium-webdriver (~> 2.43.0)
  sms-easy
  thin (~> 1.6.0)
  uglifier (>= 2.7.2)
  volt (= 0.9.4)
  volt-bootstrap (~> 0.0.10)
  volt-bootstrap_jumbotron_theme (~> 0.1.0)
  volt-mailer (~> 0.1.0)
  volt-mongo (~> 0.1.0)
  volt-user_templates (~> 0.4.0)
  websocket-driver (= 0.5.4)
